GEM
  remote: https://rubygems.org/
  specs:
    asciidoctor (2.0.20)
    asciidoctor-revealjs (5.1.0)
      asciidoctor (>= 2.0.0, < 3.0.0)
    rouge (4.2.0)

PLATFORMS
  arm64-darwin-22
  ruby

DEPENDENCIES
  asciidoctor
  asciidoctor-revealjs
  rouge

BUNDLED WITH
   2.5.3
